GEM
  remote: https://rubygems.org/
  specs:
    graph (2.8.2)
    highline (1.7.8)

PLATFORMS
  ruby

DEPENDENCIES
  graph
  highline

BUNDLED WITH
   1.13.5
