GIT
  remote: git://github.com/JEG2/highline.git
  revision: 8bc8dbfd6ad73c8a9f2c7b33e42387ac504e0403
  specs:
    highline (2.0.0.pre.develop.8)

GEM
  remote: https://rubygems.org/
  specs:
    awesome_print (1.7.0)
    coderay (1.1.1)
    graph (2.8.2)
    method_source (0.8.2)
    pry (0.10.4)
      coderay (~> 1.1.0)
      method_source (~> 0.8.1)
      slop (~> 3.4)
    slop (3.6.0)

PLATFORMS
  ruby

DEPENDENCIES
  awesome_print
  graph
  highline (= 2.0.0.pre.develop.8)!
  pry

BUNDLED WITH
   1.14.3
